PATH
  remote: .
  specs:
    stacker (0.2.1)
      activesupport (~> 4.0)
      aws-sdk (~> 2)
      coderay (~> 1.1)
      diffy (~> 3.0)
      indentation (~> 0.0)
      memoist (~> 0.9)
      rainbow (~> 1.1)
      thor (~> 0.18)

GEM
  remote: https://rubygems.org/
  specs:
    activesupport (4.2.10)
      i18n (~> 0.7)
      minitest (~> 5.1)
      thread_safe (~> 0.3, >= 0.3.4)
      tzinfo (~> 1.1)
    aws-sdk (2.11.113)
      aws-sdk-resources (= 2.11.113)
    aws-sdk-core (2.11.113)
      aws-sigv4 (~> 1.0)
      jmespath (~> 1.0)
    aws-sdk-resources (2.11.113)
      aws-sdk-core (= 2.11.113)
    aws-sigv4 (1.0.3)
    coderay (1.1.2)
    concurrent-ruby (1.0.5)
    diff-lcs (1.3)
    diffy (3.2.1)
    i18n (0.9.5)
      concurrent-ruby (~> 1.0)
    indentation (0.1.1)
    jmespath (1.4.0)
    memoist (0.16.0)
    minitest (5.11.3)
    rainbow (1.99.2)
    rake (10.5.0)
    rspec (2.99.0)
      rspec-core (~> 2.99.0)
      rspec-expectations (~> 2.99.0)
      rspec-mocks (~> 2.99.0)
    rspec-core (2.99.2)
    rspec-expectations (2.99.2)
      diff-lcs (>= 1.1.3, < 2.0)
    rspec-mocks (2.99.4)
    thor (0.20.0)
    thread_safe (0.3.6)
    tzinfo (1.2.5)
      thread_safe (~> 0.1)

PLATFORMS
  ruby

DEPENDENCIES
  rake (~> 10.4)
  rspec (~> 2.99)
  stacker!

BUNDLED WITH
   1.16.2
